GEM
  remote: http://rubygems.org/
  specs:
<<<<<<< HEAD
    abstract (1.0.0)
    actionmailer (3.0.9)
      actionpack (= 3.0.9)
      mail (~> 2.2.19)
    actionpack (3.0.9)
      activemodel (= 3.0.9)
      activesupport (= 3.0.9)
      builder (~> 2.1.2)
      erubis (~> 2.6.6)
      i18n (~> 0.5.0)
      rack (~> 1.2.1)
      rack-mount (~> 0.6.14)
      rack-test (~> 0.5.7)
      tzinfo (~> 0.3.23)
    activemodel (3.0.9)
      activesupport (= 3.0.9)
      builder (~> 2.1.2)
      i18n (~> 0.5.0)
    activerecord (3.0.9)
      activemodel (= 3.0.9)
      activesupport (= 3.0.9)
      arel (~> 2.0.10)
      tzinfo (~> 0.3.23)
    activeresource (3.0.9)
      activemodel (= 3.0.9)
      activesupport (= 3.0.9)
    activesupport (3.0.9)
    arel (2.0.10)
    builder (2.1.2)
    elo (0.1.0)
    erubis (2.6.6)
      abstract (>= 1.0.0)
    fastercsv (1.5.4)
    gravatar_image_tag (1.0.0.pre2)
    i18n (0.5.0)
    mail (2.2.19)
      activesupport (>= 2.3.6)
=======
    actionmailer (3.1.0)
      actionpack (= 3.1.0)
      mail (~> 2.3.0)
    actionpack (3.1.0)
      activemodel (= 3.1.0)
      activesupport (= 3.1.0)
      builder (~> 3.0.0)
      erubis (~> 2.7.0)
      i18n (~> 0.6)
      rack (~> 1.3.2)
      rack-cache (~> 1.0.3)
      rack-mount (~> 0.8.2)
      rack-test (~> 0.6.1)
      sprockets (~> 2.0.0)
    activemodel (3.1.0)
      activesupport (= 3.1.0)
      bcrypt-ruby (~> 3.0.0)
      builder (~> 3.0.0)
      i18n (~> 0.6)
    activerecord (3.1.0)
      activemodel (= 3.1.0)
      activesupport (= 3.1.0)
      arel (~> 2.2.1)
      tzinfo (~> 0.3.29)
    activeresource (3.1.0)
      activemodel (= 3.1.0)
      activesupport (= 3.1.0)
    activesupport (3.1.0)
      multi_json (~> 1.0)
    addressable (2.2.6)
    arel (2.2.1)
    bcrypt-ruby (3.0.1)
    builder (3.0.0)
    elo (0.1.0)
    erubis (2.7.0)
    faraday (0.7.5)
      addressable (~> 2.2.6)
      multipart-post (~> 1.1.3)
      rack (>= 1.1.0, < 2)
    faraday_middleware (0.7.0)
      faraday (~> 0.7.3)
    fastercsv (1.5.4)
    gravatar_image_tag (1.0.0.pre2)
    hashie (1.1.0)
    hike (1.2.1)
    i18n (0.6.0)
    mail (2.3.0)
>>>>>>> grew the content area
      i18n (>= 0.4.0)
      mime-types (~> 1.16)
      treetop (~> 1.4.8)
    mime-types (1.16)
<<<<<<< HEAD
=======
    multi_json (1.0.3)
    multi_xml (0.4.1)
    multipart-post (1.1.3)
>>>>>>> grew the content area
    mysql2 (0.2.13)
    polyglot (0.3.2)
    rack (1.2.4)
    rack-mount (0.6.14)
      rack (>= 1.0.0)
    rack-test (0.5.7)
      rack (>= 1.0)
    rails (3.0.9)
      actionmailer (= 3.0.9)
      actionpack (= 3.0.9)
      activerecord (= 3.0.9)
      activeresource (= 3.0.9)
      activesupport (= 3.0.9)
      bundler (~> 1.0)
      railties (= 3.0.9)
    railties (3.0.9)
      actionpack (= 3.0.9)
      activesupport (= 3.0.9)
      rake (>= 0.8.7)
      rdoc (~> 3.4)
      thor (~> 0.14.4)
    rake (0.9.2)
    rdoc (3.9.4)
<<<<<<< HEAD
=======
    simple_oauth (0.1.5)
    sprockets (2.0.0)
      hike (~> 1.2)
      rack (~> 1.0)
      tilt (!= 1.3.0, ~> 1.1)
>>>>>>> grew the content area
    sqlite3 (1.3.4)
    thor (0.14.6)
    treetop (1.4.10)
      polyglot
      polyglot (>= 0.3.1)
    twitter (1.7.2)
      faraday (~> 0.7.4)
      faraday_middleware (~> 0.7.0)
      hashie (~> 1.1.0)
      multi_json (~> 1.0.0)
      multi_xml (~> 0.4.0)
      simple_oauth (~> 0.1.5)
    tzinfo (0.3.29)
    will_paginate (3.0.pre2)

PLATFORMS
  ruby

DEPENDENCIES
  elo
  fastercsv
  gravatar_image_tag (= 1.0.0.pre2)
  mysql2 (= 0.2.13)
  rails (= 3.0.9)
  sqlite3
  twitter
  will_paginate (= 3.0.pre2)
